GIT
  remote: git://github.com/Spooner/releasy.git
  revision: 794dbbf920758f1e11c7fe35d04b4d676051c7e4
  specs:
    releasy (0.2.3)
      bundler (>= 1.2.1)
      cri (~> 2.1.0)
      ocra (~> 1.3.0)
      rake (>= 0.9.2.2)
      thor (~> 0.14.6)

GEM
  remote: https://rubygems.org/
  specs:
    cri (2.1.0)
    gosu (0.11.1-x64-mingw32)
    ocra (1.3.6)
    oj (2.18.1)
    rake (12.0.0)
    thor (0.14.6)

PLATFORMS
  x64-mingw32

DEPENDENCIES
  gosu
  oj
  releasy!

BUNDLED WITH
   1.13.7
