GIT
  remote: git://github.com/Spooner/releasy.git
  revision: 794dbbf920758f1e11c7fe35d04b4d676051c7e4
  specs:
    releasy (0.2.3)
      bundler (>= 1.2.1)
      cri (~> 2.1.0)
      ocra (~> 1.3.0)
      rake (>= 0.9.2.2)
      thor (~> 0.14.6)

GEM
  remote: https://rubygems.org/
  specs:
    cri (2.1.0)
    gosu (0.13.3)
    gosu (0.13.3-x64-mingw32)
    gosu (0.13.3-x86-mingw32)
    ocra (1.3.10)
    oj (3.6.6)
    rake (12.3.1)
    thor (0.14.6)

PLATFORMS
  ruby
  x64-mingw32
  x86-mingw32

DEPENDENCIES
  gosu
  oj
  releasy!

BUNDLED WITH
   1.16.3
